PATH
  remote: .
  specs:
    cruisecontrolrb-to-slack (0.0.1)
      dante (~> 0.2.0)
      httparty (~> 0.13.1)
      nokogiri (~> 1.6.2)
      rufus-scheduler
      slack-notifier (~> 0.6.0)

GEM
  remote: https://rubygems.org/
  specs:
    dante (0.2.0)
    httparty (0.13.1)
      json (~> 1.8)
      multi_xml (>= 0.5.2)
    json (1.8.1)
    mini_portile (0.6.0)
    minitest (4.7.5)
    multi_xml (0.5.5)
    nokogiri (1.6.3.1)
      mini_portile (= 0.6.0)
    rake (10.3.2)
    rufus-scheduler (3.0.9)
      tzinfo
    slack-notifier (0.6.0)
    thread_safe (0.3.4)
    tzinfo (1.2.2)
      thread_safe (~> 0.1)

PLATFORMS
  ruby

DEPENDENCIES
  bundler (~> 1.6)
  cruisecontrolrb-to-slack!
  minitest
  rake
