PATH
  remote: .
  specs:
    cruisecontrolrb-to-slack (0.1.0)
      dante (~> 0.2.0)
      httparty (~> 0.13.1)
      nokogiri (~> 1.6.2)
      rufus-scheduler
      slack-notifier (~> 1.0.0)

GEM
  remote: https://rubygems.org/
  specs:
    dante (0.2.0)
    httparty (0.13.3)
      json (~> 1.8)
      multi_xml (>= 0.5.2)
    json (1.8.2)
    mini_portile (0.6.2)
    minitest (5.5.1)
    multi_xml (0.5.5)
    nokogiri (1.6.5)
      mini_portile (~> 0.6.0)
    rake (10.4.2)
    rufus-scheduler (3.0.9)
      tzinfo
    slack-notifier (1.0.0)
    thread_safe (0.3.4)
    tzinfo (1.2.2)
      thread_safe (~> 0.1)

PLATFORMS
  ruby

DEPENDENCIES
  bundler (~> 1.6)
  cruisecontrolrb-to-slack!
  minitest
  rake
